PATH
  remote: .
  specs:
    multi_json (0.0.5)

GEM
  remote: http://rubygems.org/
  specs:
    activesupport (3.0.1)
    diff-lcs (1.1.2)
    json (1.4.6)
    json_pure (1.4.6)
    rake (0.8.7)
    rcov (0.9.9)
    rspec (2.0.0)
      rspec-core (= 2.0.0)
      rspec-expectations (= 2.0.0)
      rspec-mocks (= 2.0.0)
    rspec-core (2.0.0)
    rspec-expectations (2.0.0)
      diff-lcs (>= 1.1.2)
    rspec-mocks (2.0.0)
      rspec-core (= 2.0.0)
      rspec-expectations (= 2.0.0)
    yajl-ruby (0.7.8)

PLATFORMS
  ruby

DEPENDENCIES
  activesupport (~> 3.0)
  json (~> 1.4)
  json_pure (~> 1.4)
  multi_json!
  rake (~> 0.8)
  rcov (~> 0.9)
  rspec (~> 2.0)
  yajl-ruby (~> 0.7)
