PATH
  remote: .
  specs:
    warden (1.0.5)
      rack (>= 1.0)

GEM
  remote: http://rubygems.org/
  specs:
    diff-lcs (1.1.2)
    rack (1.3.0)
    rack-test (0.6.0)
      rack (>= 1.0)
    rake (0.8.7)
    rspec (2.5.0)
      rspec-core (~> 2.5.0)
      rspec-expectations (~> 2.5.0)
      rspec-mocks (~> 2.5.0)
    rspec-core (2.5.1)
    rspec-expectations (2.5.0)
      diff-lcs (~> 1.1.2)
    rspec-mocks (2.5.0)

PLATFORMS
  ruby

DEPENDENCIES
  rack (= 1.3)
  rack-test
  rake
  rspec (~> 2)
  warden!
