GEM
  remote: https://rubygems.org/
  specs:
    actioncable (5.2.8)
      actionpack (= 5.2.8)
      nio4r (~> 2.0)
      websocket-driver (>= 0.6.1)
    actionmailer (5.2.8)
      actionpack (= 5.2.8)
      actionview (= 5.2.8)
      activejob (= 5.2.8)
      mail (~> 2.5, >= 2.5.4)
      rails-dom-testing (~> 2.0)
    actionpack (5.2.8)
      actionview (= 5.2.8)
      activesupport (= 5.2.8)
      rack (~> 2.0, >= 2.0.8)
      rack-test (>= 0.6.3)
      rails-dom-testing (~> 2.0)
      rails-html-sanitizer (~> 1.0, >= 1.0.2)
    actionview (5.2.8)
      activesupport (= 5.2.8)
      builder (~> 3.1)
      erubi (~> 1.4)
      rails-dom-testing (~> 2.0)
      rails-html-sanitizer (~> 1.0, >= 1.0.3)
    active_model_serializers (0.9.8)
      activemodel (>= 3.2)
      concurrent-ruby (~> 1.0)
    activejob (5.2.8)
      activesupport (= 5.2.8)
      globalid (>= 0.3.6)
    activemodel (5.2.8)
      activesupport (= 5.2.8)
    activerecord (5.2.8)
      activemodel (= 5.2.8)
      activesupport (= 5.2.8)
      arel (>= 9.0)
    activerecord-import (1.4.0)
      activerecord (>= 4.2)
    activestorage (5.2.8)
      actionpack (= 5.2.8)
      activerecord (= 5.2.8)
      marcel (~> 1.0.0)
    activesupport (5.2.8)
      concurrent-ruby (~> 1.0, >= 1.0.2)
      i18n (>= 0.7, < 2)
      minitest (~> 5.1)
      tzinfo (~> 1.1)
    acts-as-taggable-on (8.1.0)
      activerecord (>= 5.0, < 6.2)
    acts_as_api (1.0.1)
      activemodel (>= 3.0.0)
      activesupport (>= 3.0.0)
      rack (>= 1.1.0)
    addressable (2.8.0)
      public_suffix (>= 2.0.2, < 5.0)
    aes_key_wrap (1.1.0)
    apparition (0.6.0)
      capybara (~> 3.13, < 4)
      websocket-driver (>= 0.6.5)
    arel (9.0.0)
    asset_sync (2.15.2)
      activemodel (>= 4.1.0)
      fog-core
      mime-types (>= 2.99)
      unf
    ast (2.4.2)
    attr_encrypted (3.1.0)
      encryptor (~> 3.0.0)
    attr_required (1.0.1)
    autoprefixer-rails (10.4.7.0)
      execjs (~> 2)
    babel-source (5.8.35)
    babel-transpiler (0.7.0)
      babel-source (>= 4.0, < 6)
      execjs (~> 2.0)
    bcrypt (3.1.18)
    bindata (2.4.10)
    bootstrap-sass (3.4.1)
      autoprefixer-rails (>= 5.2.1)
      sassc (>= 2.0.0)
    bootstrap-switch-rails (3.3.3)
    buftok (0.2.0)
    builder (3.2.4)
    byebug (11.1.3)
    capybara (3.35.3)
      addressable
      mini_mime (>= 0.1.3)
      nokogiri (~> 1.8)
      rack (>= 1.6.0)
      rack-test (>= 0.6.3)
      regexp_parser (>= 1.5, < 3.0)
      xpath (~> 3.2)
    carrierwave (2.2.2)
      activemodel (>= 5.0.0)
      activesupport (>= 5.0.0)
      addressable (~> 2.6)
      image_processing (~> 1.1)
      marcel (~> 1.0.0)
      mini_mime (>= 0.1.3)
      ssrf_filter (~> 1.0)
    celluloid (0.17.4)
      celluloid-essentials
      celluloid-extras
      celluloid-fsm
      celluloid-pool
      celluloid-supervision
      timers (>= 4.1.1)
    celluloid-essentials (0.20.5)
      timers (>= 4.1.1)
    celluloid-extras (0.20.5)
      timers (>= 4.1.1)
    celluloid-fsm (0.20.5)
      timers (>= 4.1.1)
    celluloid-io (0.17.3)
      celluloid (>= 0.17.2)
      nio4r (>= 1.1)
      timers (>= 4.1.1)
    celluloid-pool (0.20.5)
      timers (>= 4.1.1)
    celluloid-supervision (0.20.6)
      timers (>= 4.1.1)
    chrome_remote (0.3.0)
      websocket-driver (~> 0.6)
    chunky_png (1.4.0)
    citrus (3.0.2)
    coderay (1.1.3)
    concurrent-ruby (1.1.10)
    configurate (0.5.0)
    connection_pool (2.2.5)
    crack (0.4.5)
      rexml
    crass (1.0.6)
    cucumber (7.1.0)
      builder (~> 3.2, >= 3.2.4)
      cucumber-core (~> 10.1, >= 10.1.0)
      cucumber-create-meta (~> 6.0, >= 6.0.1)
      cucumber-cucumber-expressions (~> 14.0, >= 14.0.0)
      cucumber-gherkin (~> 22.0, >= 22.0.0)
      cucumber-html-formatter (~> 17.0, >= 17.0.0)
      cucumber-messages (~> 17.1, >= 17.1.1)
      cucumber-wire (~> 6.2, >= 6.2.0)
      diff-lcs (~> 1.4, >= 1.4.4)
      mime-types (~> 3.3, >= 3.3.1)
      multi_test (~> 0.1, >= 0.1.2)
      sys-uname (~> 1.2, >= 1.2.2)
    cucumber-api-steps (0.14.0)
      cucumber (>= 2.0.2)
      jsonpath (>= 0.1.2)
    cucumber-core (10.1.1)
      cucumber-gherkin (~> 22.0, >= 22.0.0)
      cucumber-messages (~> 17.1, >= 17.1.1)
      cucumber-tag-expressions (~> 4.1, >= 4.1.0)
    cucumber-create-meta (6.0.4)
      cucumber-messages (~> 17.1, >= 17.1.1)
      sys-uname (~> 1.2, >= 1.2.2)
    cucumber-cucumber-expressions (14.0.0)
    cucumber-gherkin (22.0.0)
      cucumber-messages (~> 17.1, >= 17.1.1)
    cucumber-html-formatter (17.0.0)
      cucumber-messages (~> 17.1, >= 17.1.0)
    cucumber-messages (17.1.1)
    cucumber-rails (2.5.1)
      capybara (>= 2.18, < 4)
      cucumber (>= 3.2, < 8)
      mime-types (~> 3.3)
      nokogiri (~> 1.10)
      railties (>= 5.0, < 8)
      rexml (~> 3.0)
      webrick (~> 1.7)
    cucumber-tag-expressions (4.1.0)
    cucumber-wire (6.2.1)
      cucumber-core (~> 10.1, >= 10.1.0)
      cucumber-cucumber-expressions (~> 14.0, >= 14.0.0)
    database_cleaner-active_record (2.0.1)
      activerecord (>= 5.a)
      database_cleaner-core (~> 2.0.0)
    database_cleaner-core (2.0.1)
    devise (4.8.1)
      bcrypt (~> 3.0)
      orm_adapter (~> 0.1)
      railties (>= 4.1.0)
      responders
      warden (~> 1.2.3)
    devise-two-factor (4.0.2)
      activesupport (< 7.1)
      attr_encrypted (>= 1.3, < 4, != 2)
      devise (~> 4.0)
      railties (< 7.1)
      rotp (~> 6.0)
    devise_lastseenable (0.0.6)
      devise
      rails (>= 3.0.4)
    diaspora_federation (0.2.7)
      faraday (>= 0.9.0, < 1.0)
      faraday_middleware (>= 0.10.0, < 1.0)
      nokogiri (~> 1.6, >= 1.6.8)
      typhoeus (~> 1.0)
      valid (~> 1.0)
    diaspora_federation-json_schema (0.2.7)
    diaspora_federation-rails (0.2.7)
      actionpack (>= 4.2, < 6)
      diaspora_federation (= 0.2.7)
    diaspora_federation-test (0.2.7)
      diaspora_federation (= 0.2.7)
      fabrication (~> 2.16)
      uuid (~> 2.3, >= 2.3.8)
    diff-lcs (1.5.0)
    docile (1.4.0)
    domain_name (0.5.20190701)
      unf (>= 0.0.5, < 1.0.0)
    encryptor (3.0.0)
    equalizer (0.0.11)
    erubi (1.10.0)
    eslintrb (2.1.0)
      execjs
      multi_json (>= 1.3)
      rake
    et-orbi (1.2.7)
      tzinfo
    ethon (0.15.0)
      ffi (>= 1.15.0)
    excon (0.92.3)
    execjs (2.8.1)
    eye (0.10.0)
      celluloid (~> 0.17.3)
      celluloid-io (~> 0.17.0)
      kostya-sigar (~> 2.0.0)
      state_machines
      thor
    fabrication (2.22.0)
    factory_bot (6.1.0)
      activesupport (>= 5.0.0)
    factory_bot_rails (6.1.0)
      factory_bot (~> 6.1.0)
      railties (>= 5.0.0)
    faraday (0.17.5)
      multipart-post (>= 1.2, < 3)
    faraday-cookie_jar (0.0.7)
      faraday (>= 0.8.0)
      http-cookie (~> 1.0.0)
    faraday_middleware (0.14.0)
      faraday (>= 0.7.4, < 1.0)
    ffi (1.15.5)
    ffi-compiler (1.0.1)
      ffi (>= 1.0.0)
      rake
    fixture_builder (0.5.2)
      activerecord (>= 2)
      activesupport (>= 2)
      hashdiff
    fog-aws (3.14.0)
      fog-core (~> 2.1)
      fog-json (~> 1.1)
      fog-xml (~> 0.1)
    fog-core (2.3.0)
      builder
      excon (~> 0.71)
      formatador (>= 0.2, < 2.0)
      mime-types
    fog-json (1.2.0)
      fog-core
      multi_json (~> 1.10)
    fog-xml (0.1.4)
      fog-core
      nokogiri (>= 1.5.11, < 2.0.0)
    formatador (1.1.0)
    fugit (1.5.3)
      et-orbi (~> 1, >= 1.2.7)
      raabro (~> 1.4)
    fuubar (2.5.1)
      rspec-core (~> 3.0)
      ruby-progressbar (~> 1.4)
    get_process_mem (0.2.7)
      ffi (~> 1.0)
    gitlab (4.18.0)
      httparty (~> 0.18)
      terminal-table (>= 1.5.1)
    globalid (1.0.0)
      activesupport (>= 5.0)
    gon (6.4.0)
      actionpack (>= 3.0.20)
      i18n (>= 0.7)
      multi_json
      request_store (>= 1.0)
    haml (5.2.2)
      temple (>= 0.8.0)
      tilt
    haml_lint (0.40.0)
      haml (>= 4.0, < 5.3)
      parallel (~> 1.10)
      rainbow
      rubocop (>= 0.50.0)
      sysexits (~> 1.1)
    hamlit (2.16.0)
      temple (>= 0.8.2)
      thor
      tilt
    handlebars_assets (0.23.9)
      execjs (~> 2.0)
      sprockets (>= 2.0.0)
      tilt (>= 1.2)
    hashdiff (1.0.1)
    hashie (5.0.0)
    http (4.4.1)
      addressable (~> 2.3)
      http-cookie (~> 1.0)
      http-form_data (~> 2.2)
      http-parser (~> 1.2.0)
    http-cookie (1.0.5)
      domain_name (~> 0.5)
    http-form_data (2.3.0)
    http-parser (1.2.3)
      ffi-compiler (>= 1.0, < 2.0)
    http_accept_language (2.1.1)
    http_parser.rb (0.6.0)
    httparty (0.20.0)
      mime-types (~> 3.0)
      multi_xml (>= 0.5.2)
    httpclient (2.8.3)
    i18n (1.10.0)
      concurrent-ruby (~> 1.0)
    i18n-inflector (2.6.7)
      i18n (>= 0.4.1)
    i18n-inflector-rails (1.0.7)
      actionpack (>= 3.0.0)
      i18n-inflector (~> 2.6)
      railties (>= 3.0.0)
    idn-ruby (0.1.0)
    image_processing (1.12.2)
      mini_magick (>= 4.9.5, < 5)
      ruby-vips (>= 2.0.17, < 3)
    jasmine (3.10.0)
      jasmine-core (~> 3.10.0)
      phantomjs
      rack (>= 2.1.4)
      rake
      webrick
    jasmine-core (3.10.1)
    jasmine-jquery-rails (2.0.3)
    jquery-rails (4.5.0)
      rails-dom-testing (>= 1, < 3)
      railties (>= 4.2.0)
      thor (>= 0.14, < 2.0)
    jquery-ui-rails (5.0.5)
      railties (>= 3.2.16)
    js-routes (2.2.4)
      railties (>= 4)
    js_image_paths (0.2.0)
      rails (>= 4.0, < 8.0)
      sprockets (>= 3.0.0)
    json (2.6.2)
    json-jwt (1.13.0)
      activesupport (>= 4.2)
      aes_key_wrap
      bindata
    json-schema (3.0.0)
      addressable (>= 2.8)
    jsonpath (1.1.2)
      multi_json
    jwt (2.4.1)
    kgio (2.11.4)
    kostya-sigar (2.0.10)
    leaflet-rails (1.7.0)
      rails (>= 4.2.0)
    listen (3.7.1)
      rb-fsevent (~> 0.10, >= 0.10.3)
      rb-inotify (~> 0.9, >= 0.9.10)
    little-plugger (1.1.4)
    logging (2.3.1)
      little-plugger (~> 1.1)
      multi_json (~> 1.14)
    logging-rails (0.6.0)
      logging (>= 1.8)
    loofah (2.18.0)
      crass (~> 1.0.2)
      nokogiri (>= 1.5.9)
    macaddr (1.7.2)
      systemu (~> 2.6.5)
    mail (2.7.1)
      mini_mime (>= 0.1.1)
    marcel (1.0.2)
    memoizable (0.4.2)
      thread_safe (~> 0.3, >= 0.3.1)
    method_source (1.0.0)
    mime-types (3.4.1)
      mime-types-data (~> 3.2015)
    mime-types-data (3.2022.0105)
    mini_magick (4.11.0)
    mini_mime (1.1.2)
    mini_portile2 (2.6.1)
    minitest (5.15.0)
    mobile-fu (1.4.0)
      rack-mobile-detect
      rails
    multi_json (1.15.0)
    multi_test (0.1.2)
    multi_xml (0.6.0)
    multipart-post (2.2.3)
    mysql2 (0.5.4)
    naught (1.1.0)
    nio4r (2.5.8)
    nokogiri (1.12.5)
      mini_portile2 (~> 2.6.1)
      racc (~> 1.4)
    oauth (0.5.10)
    oauth2 (2.0.2)
      faraday (>= 0.17.3, < 3.0)
      jwt (>= 1.0, < 3.0)
      multi_xml (~> 0.5)
      rack (>= 1.2, < 3)
      rash_alt (>= 0.4, < 1)
      version_gem (~> 1.0)
    octokit (4.22.0)
      faraday (>= 0.9)
      sawyer (~> 0.8.0, >= 0.5.3)
    omniauth (2.1.0)
      hashie (>= 3.4.6)
      rack (>= 2.2.3)
      rack-protection
    omniauth-oauth (1.2.0)
      oauth
      omniauth (>= 1.0, < 3)
    omniauth-oauth2 (1.8.0)
      oauth2 (>= 1.4, < 3)
      omniauth (~> 2.0)
    omniauth-rails_csrf_protection (1.0.1)
      actionpack (>= 4.2)
      omniauth (~> 2.0)
    omniauth-tumblr (1.2)
      multi_json
      omniauth-oauth (~> 1.0)
    omniauth-twitter (1.4.0)
      omniauth-oauth (~> 1.1)
      rack
    omniauth-wordpress (0.2.2)
      omniauth-oauth2 (>= 1.1.0)
    open_graph_reader (0.7.2)
      faraday (>= 0.9.0)
      nokogiri (~> 1.6)
    openid_connect (1.3.0)
      activemodel
      attr_required (>= 1.0.0)
      json-jwt (>= 1.5.0)
      rack-oauth2 (>= 1.6.1)
      swd (>= 1.0.0)
      tzinfo
      validate_email
      validate_url
      webfinger (>= 1.0.1)
    orm_adapter (0.5.0)
    parallel (1.22.1)
    parser (3.1.2.0)
      ast (~> 2.4.1)
    pg (1.4.1)
    phantomjs (2.1.1.0)
    pronto (0.11.0)
      gitlab (~> 4.4, >= 4.4.0)
      httparty (>= 0.13.7)
      octokit (~> 4.7, >= 4.7.0)
      rainbow (>= 2.2, < 4.0)
      rexml (~> 3.2)
      rugged (>= 0.23.0, < 1.1.0)
      thor (>= 0.20.3, < 2.0)
    pronto-eslint (0.11.0)
      eslintrb (~> 2.0, >= 2.0.0)
      pronto (~> 0.11.0)
    pronto-haml (0.11.1)
      haml_lint (~> 0.23)
      pronto (~> 0.11.0)
    pronto-rubocop (0.11.1)
      pronto (~> 0.11.0)
      rubocop (>= 0.63.1, < 2.0)
    pronto-scss (0.11.0)
      pronto (~> 0.11.0)
      scss_lint (~> 0.43, >= 0.43.0)
    pry (0.14.1)
      coderay (~> 1.1)
      method_source (~> 1.0)
    pry-byebug (3.8.0)
      byebug (~> 11.0)
      pry (~> 0.10)
    public_suffix (4.0.7)
    raabro (1.4.0)
    racc (1.6.0)
    rack (2.2.4)
    rack-cors (1.1.1)
      rack (>= 2.0.0)
    rack-google-analytics (1.2.0)
      actionpack
      activesupport
    rack-mobile-detect (0.4.0)
      rack
    rack-oauth2 (1.19.0)
      activesupport
      attr_required
      httpclient
      json-jwt (>= 1.11.0)
      rack (>= 2.1.0)
    rack-piwik (0.3.0)
    rack-protection (2.2.0)
      rack
    rack-rewrite (1.5.1)
    rack-ssl (1.4.1)
      rack
    rack-test (2.0.2)
      rack (>= 1.3)
    rails (5.2.8)
      actioncable (= 5.2.8)
      actionmailer (= 5.2.8)
      actionpack (= 5.2.8)
      actionview (= 5.2.8)
      activejob (= 5.2.8)
      activemodel (= 5.2.8)
      activerecord (= 5.2.8)
      activestorage (= 5.2.8)
      activesupport (= 5.2.8)
      bundler (>= 1.3.0)
      railties (= 5.2.8)
      sprockets-rails (>= 2.0.0)
    rails-controller-testing (1.0.5)
      actionpack (>= 5.0.1.rc1)
      actionview (>= 5.0.1.rc1)
      activesupport (>= 5.0.1.rc1)
    rails-dom-testing (2.0.3)
      activesupport (>= 4.2.0)
      nokogiri (>= 1.6)
    rails-html-sanitizer (1.4.3)
      loofah (~> 2.3)
    rails-i18n (5.1.3)
      i18n (>= 0.7, < 2)
      railties (>= 5.0, < 6)
    rails-timeago (2.20.0)
      actionpack (>= 5.2)
      activesupport (>= 5.2)
    railties (5.2.8)
      actionpack (= 5.2.8)
      activesupport (= 5.2.8)
      method_source
      rake (>= 0.8.7)
      thor (>= 0.19.0, < 2.0)
    rainbow (3.1.1)
    raindrops (0.20.0)
    rake (12.3.3)
    rash_alt (0.4.12)
      hashie (>= 3.4)
    rb-fsevent (0.11.1)
    rb-inotify (0.10.1)
      ffi (~> 1.0)
    redcarpet (3.5.1)
    redis (4.7.0)
    regexp_parser (2.5.0)
    request_store (1.5.1)
      rack (>= 1.4)
    responders (3.0.1)
      actionpack (>= 5.0)
      railties (>= 5.0)
    rexml (3.2.5)
    rotp (6.2.0)
    rqrcode (2.1.1)
      chunky_png (~> 1.0)
      rqrcode_core (~> 1.0)
    rqrcode_core (1.2.0)
    rspec-core (3.11.0)
      rspec-support (~> 3.11.0)
    rspec-expectations (3.11.0)
      diff-lcs (>= 1.2.0, < 2.0)
      rspec-support (~> 3.11.0)
    rspec-json_expectations (2.2.0)
    rspec-mocks (3.11.1)
      diff-lcs (>= 1.2.0, < 2.0)
      rspec-support (~> 3.11.0)
    rspec-rails (5.1.2)
      actionpack (>= 5.2)
      activesupport (>= 5.2)
      railties (>= 5.2)
      rspec-core (~> 3.10)
      rspec-expectations (~> 3.10)
      rspec-mocks (~> 3.10)
      rspec-support (~> 3.10)
    rspec-support (3.11.0)
    rubocop (0.93.1)
      parallel (~> 1.10)
      parser (>= 2.7.1.5)
      rainbow (>= 2.2.2, < 4.0)
      regexp_parser (>= 1.8)
      rexml
      rubocop-ast (>= 0.6.0)
      ruby-progressbar (~> 1.7)
      unicode-display_width (>= 1.4.0, < 2.0)
    rubocop-ast (1.17.0)
      parser (>= 3.1.1.0)
    rubocop-rails (2.9.1)
      activesupport (>= 4.2.0)
      rack (>= 1.1)
      rubocop (>= 0.90.0, < 2.0)
    ruby-oembed (0.16.1)
    ruby-progressbar (1.11.0)
    ruby-vips (2.1.4)
      ffi (~> 1.12)
    rubyzip (2.3.2)
    rugged (1.0.1)
    sass (3.4.25)
    sassc (2.4.0)
      ffi (~> 1.9)
    sassc-rails (2.1.2)
      railties (>= 4.0.0)
      sassc (>= 2.0)
      sprockets (> 3.0)
      sprockets-rails
      tilt
    sawyer (0.8.2)
      addressable (>= 2.3.5)
      faraday (> 0.8, < 2.0)
    scss_lint (0.55.0)
      rake (>= 0.9, < 13)
      sass (~> 3.4.20)
    secure_headers (6.3.3)
    shoulda-matchers (4.5.1)
      activesupport (>= 4.2.0)
    sidekiq (6.4.2)
      connection_pool (>= 2.2.2)
      rack (~> 2.0)
      redis (>= 4.2.0)
    sidekiq-cron (1.4.0)
      fugit (~> 1)
      sidekiq (>= 4.2.1)
    simple_captcha2 (0.5.0)
      rails (>= 4.1)
    simple_oauth (0.3.1)
    simplecov (0.21.2)
      docile (~> 1.1)
      simplecov-html (~> 0.11)
      simplecov_json_formatter (~> 0.1)
    simplecov-html (0.12.3)
    simplecov_json_formatter (0.1.4)
    sinon-rails (1.15.0)
      railties (>= 3.1)
    sprockets (3.7.2)
      concurrent-ruby (~> 1.0)
      rack (> 1, < 3)
    sprockets-es6 (0.9.2)
      babel-source (>= 5.8.11)
      babel-transpiler
      sprockets (>= 3.0.0)
    sprockets-rails (3.4.2)
      actionpack (>= 5.2)
      activesupport (>= 5.2)
      sprockets (>= 3.0.0)
    ssrf_filter (1.0.7)
    state_machines (0.5.0)
    string-direction (1.2.2)
    swd (1.3.0)
      activesupport (>= 3)
      attr_required (>= 0.0.5)
      httpclient (>= 2.4)
    sys-uname (1.2.2)
      ffi (~> 1.1)
    sysexits (1.2.0)
    systemu (2.6.5)
    temple (0.8.2)
    terminal-table (3.0.2)
      unicode-display_width (>= 1.1.1, < 3)
    terser (1.1.10)
      execjs (>= 0.3.0, < 3)
    thor (1.2.1)
    thread_safe (0.3.6)
    tilt (2.0.10)
    timecop (0.9.5)
    timers (4.3.3)
    toml-rb (2.1.2)
      citrus (~> 3.0, > 3.0)
    turbo_dev_assets (0.0.2)
    twitter (7.0.0)
      addressable (~> 2.3)
      buftok (~> 0.2.0)
      equalizer (~> 0.0.11)
      http (~> 4.0)
      http-form_data (~> 2.0)
      http_parser.rb (~> 0.6.0)
      memoizable (~> 0.4.0)
      multipart-post (~> 2.0)
      naught (~> 1.0)
      simple_oauth (~> 0.3.0)
    twitter-text (3.1.0)
      idn-ruby
      unf (~> 0.1.0)
    typhoeus (1.4.0)
      ethon (>= 0.9.0)
    tzinfo (1.2.9)
      thread_safe (~> 0.1)
    unf (0.1.4)
      unf_ext
    unf_ext (0.0.8.2)
    unicode-display_width (1.8.0)
    unicorn (6.1.0)
      kgio (~> 2.6)
      raindrops (~> 0.7)
    unicorn-worker-killer (0.4.5)
      get_process_mem (~> 0)
      unicorn (>= 4, < 7)
    uuid (2.3.9)
      macaddr (~> 1.0)
    valid (1.2.0)
    validate_email (0.1.6)
      activemodel (>= 3.0)
      mail (>= 2.2.5)
    validate_url (1.0.15)
      activemodel (>= 3.0.0)
      public_suffix
    version_gem (1.1.0)
    versionist (2.0.1)
      activesupport (>= 3)
      railties (>= 3)
      yard (~> 0.9.20)
    warden (1.2.9)
      rack (>= 2.0.9)
    webfinger (1.2.0)
      activesupport
      httpclient (>= 2.4)
    webmock (3.14.0)
      addressable (>= 2.8.0)
      crack (>= 0.3.2)
      hashdiff (>= 0.4.0, < 2.0.0)
    webrick (1.7.0)
    websocket-driver (0.7.5)
      websocket-extensions (>= 0.1.0)
    websocket-extensions (0.1.5)
    will_paginate (3.3.1)
    xpath (3.2.0)
      nokogiri (~> 1.8)
    yajl-ruby (1.4.1)
    yard (0.9.28)
      webrick (~> 1.7.0)

PLATFORMS
  ruby

DEPENDENCIES
  active_model_serializers (= 0.9.8)
  activerecord-import (= 1.4.0)
  acts-as-taggable-on (= 8.1.0)
  acts_as_api (= 1.0.1)
  addressable (= 2.8.0)
  apparition (= 0.6.0)
  asset_sync (= 2.15.2)
  autoprefixer-rails (= 10.4.7.0)
  bootstrap-sass (= 3.4.1)
  bootstrap-switch-rails (= 3.3.3)
  capybara (= 3.35.3)
  carrierwave (= 2.2.2)
  chrome_remote (= 0.3.0)
  configurate (= 0.5.0)
  cucumber-api-steps (= 0.14)
  cucumber-rails (= 2.5.1)
  database_cleaner-active_record (= 2.0.1)
  devise (= 4.8.1)
  devise-two-factor (= 4.0.2)
  devise_lastseenable (= 0.0.6)
  diaspora_federation-json_schema (= 0.2.7)
  diaspora_federation-rails (= 0.2.7)
  diaspora_federation-test (= 0.2.7)
  eye (= 0.10.0)
  factory_bot_rails (= 6.1.0)
  faraday (= 0.17.5)
  faraday-cookie_jar (= 0.0.7)
  faraday_middleware (= 0.14.0)
  fixture_builder (= 0.5.2)
  fog-aws (= 3.14.0)
  fuubar (= 2.5.1)
  gon (= 6.4.0)
  haml_lint (= 0.40.0)
  hamlit (= 2.16.0)
  handlebars_assets (= 0.23.9)
  http_accept_language (= 2.1.1)
  i18n-inflector-rails (= 1.0.7)
  jasmine (= 3.10.0)
  jasmine-jquery-rails (= 2.0.3)
  jquery-rails (= 4.5.0)
  jquery-ui-rails (= 5.0.5)
  js-routes (= 2.2.4)
  js_image_paths (= 0.2.0)
  json (= 2.6.2)
  json-schema (= 3.0.0)
  leaflet-rails (= 1.7.0)
  listen (= 3.7.1)
  logging-rails (= 0.6.0)
  mini_magick (= 4.11.0)
  minitest (= 5.15.0)
  mobile-fu (= 1.4.0)
  mysql2 (= 0.5.4)
  nokogiri (= 1.12.5)
  omniauth (= 2.1.0)
  omniauth-rails_csrf_protection (= 1.0.1)
  omniauth-tumblr (= 1.2)
  omniauth-twitter (= 1.4.0)
  omniauth-wordpress (= 0.2.2)
  open_graph_reader (= 0.7.2)
  openid_connect (= 1.3.0)
  pg (= 1.4.1)
  pronto (= 0.11.0)
  pronto-eslint (= 0.11.0)
  pronto-haml (= 0.11.1)
  pronto-rubocop (= 0.11.1)
  pronto-scss (= 0.11.0)
  pry
  pry-byebug
  rack-cors (= 1.1.1)
  rack-google-analytics (= 1.2.0)
  rack-piwik (= 0.3.0)
  rack-rewrite (= 1.5.1)
  rack-ssl (= 1.4.1)
  rails (= 5.2.8)
  rails-controller-testing (= 1.0.5)
  rails-i18n (= 5.1.3)
  rails-timeago (= 2.20.0)
  redcarpet (= 3.5.1)
  redis (= 4.7.0)
  responders (= 3.0.1)
  rqrcode (= 2.1.1)
  rspec-json_expectations (~> 2.1)
  rspec-rails (= 5.1.2)
  rubocop (= 0.93.1)
  rubocop-rails (= 2.9.1)
  ruby-oembed (= 0.16.1)
  rubyzip (= 2.3.2)
  sassc-rails (= 2.1.2)
  secure_headers (= 6.3.3)
  shoulda-matchers (= 4.5.1)
  sidekiq (= 6.4.2)
  sidekiq-cron (= 1.4.0)
  simple_captcha2 (= 0.5.0)
  simplecov (= 0.21.2)
  sinon-rails (= 1.15.0)
  sprockets-es6 (= 0.9.2)
  sprockets-rails (= 3.4.2)
  string-direction (= 1.2.2)
  terser (= 1.1.10)
  timecop (= 0.9.5)
  toml-rb (= 2.1.2)
  turbo_dev_assets (= 0.0.2)
  twitter (= 7.0.0)
  twitter-text (= 3.1.0)
  typhoeus (= 1.4.0)
  unicorn (= 6.1.0)
  unicorn-worker-killer (= 0.4.5)
  uuid (= 2.3.9)
  versionist (= 2.0.1)
  webmock (= 3.14.0)
  will_paginate (= 3.3.1)
  yajl-ruby (= 1.4.1)

BUNDLED WITH
   1.17.3
