GIT
  remote: git://github.com/Empact/roxml.git
  revision: 7ea9a9ffd2338aaef5b04cb792060ae8c98f346a
  ref: 7ea9a9ffd2338aaef5b0
  specs:
    roxml (3.1.6)
      activesupport (>= 2.3.0)
      nokogiri (>= 1.3.3)

GIT
  remote: git://github.com/binarylogic/settingslogic.git
  revision: 4884d455bf18d92723cb8190cfd2dbf87f3aafd5
  specs:
    settingslogic (2.0.8)

GIT
  remote: git://github.com/diaspora/acts-as-taggable-on.git
  revision: c3592fe1a906f6ff1cd12766c5cf1152c51eec40
  specs:
    acts-as-taggable-on (2.0.6)
      rails (>= 3.0)

GIT
  remote: git://github.com/diaspora/diaspora-client.git
  revision: 99dd3728172834b01e2acae0604fe3865456d969
  specs:
    diaspora-client (0.1.2)
      activerecord
      em-http-request
      em-synchrony
      faraday
      jwt (>= 0.1.3)
      oauth2 (= 0.5.0)
      rack-fiber_pool
      sinatra

GIT
  remote: git://github.com/socialcast/resque-ensure-connected.git
  revision: 8ac0f9e4658495097fb333a93db81d54ba9a5311
  specs:
    resque-ensure-connected (0.2.0)
      activerecord (>= 2.3.5)
      resque (>= 1.10.0)

GEM
  remote: http://rubygems.org/
  specs:
    POpen4 (0.1.4)
      Platform (>= 0.4.0)
      open4
    Platform (0.4.0)
    SystemTimer (1.2.3)
    abstract (1.0.0)
    actionmailer (3.0.11)
      actionpack (= 3.0.11)
      mail (~> 2.2.19)
    actionpack (3.0.11)
      activemodel (= 3.0.11)
      activesupport (= 3.0.11)
      builder (~> 2.1.2)
      erubis (~> 2.6.6)
      i18n (~> 0.5.0)
      rack (~> 1.2.1)
      rack-mount (~> 0.6.14)
      rack-test (~> 0.5.7)
      tzinfo (~> 0.3.23)
    active_reload (0.6.1)
    activemodel (3.0.11)
      activesupport (= 3.0.11)
      builder (~> 2.1.2)
      i18n (~> 0.5.0)
    activerecord (3.0.11)
      activemodel (= 3.0.11)
      activesupport (= 3.0.11)
      arel (~> 2.0.10)
      tzinfo (~> 0.3.23)
    activerecord-import (0.2.9)
      activerecord (~> 3.0)
      activerecord (~> 3.0)
    activeresource (3.0.11)
      activemodel (= 3.0.11)
      activesupport (= 3.0.11)
    activesupport (3.0.11)
    acts_as_api (0.3.11)
      activemodel (>= 3.0.0)
      activesupport (>= 3.0.0)
      rack (>= 1.1.0)
    addressable (2.2.4)
    airbrake (3.0.9)
      activesupport
      builder
    archive-tar-minitar (0.5.2)
    arel (2.0.10)
    bcrypt-ruby (2.1.4)
    builder (2.1.2)
    capistrano (2.9.0)
      highline
      net-scp (>= 1.0.0)
      net-sftp (>= 2.0.0)
      net-ssh (>= 2.0.14)
      net-ssh-gateway (>= 1.1.0)
    capistrano-ext (1.2.1)
      capistrano (>= 1.0.0)
    capistrano_colors (0.5.5)
    capybara (1.1.2)
      mime-types (>= 1.16)
      nokogiri (>= 1.3.3)
      rack (>= 1.0.0)
      rack-test (>= 0.5.4)
      selenium-webdriver (~> 2.0)
      xpath (~> 0.1.4)
    carrierwave (0.5.8)
      activesupport (~> 3.0)
    cgi_multipart_eof_fix (2.5.0)
    childprocess (0.3.1)
      ffi (~> 1.0.6)
    chronic (0.6.7)
    client_side_validations (3.1.4)
    columnize (0.3.6)
    cookiejar (0.3.0)
    crack (0.3.1)
    cucumber (1.1.9)
      builder (>= 2.1.2)
      diff-lcs (>= 1.1.2)
      gherkin (~> 2.9.0)
      json (>= 1.4.6)
      term-ansicolor (>= 1.0.6)
    cucumber-api-steps (0.6)
      cucumber (>= 0.8.3)
      jsonpath (>= 0.1.2)
    cucumber-rails (1.2.1)
      capybara (>= 1.1.2)
      cucumber (>= 1.1.3)
      nokogiri (>= 1.5.0)
    daemons (1.1.8)
    database_cleaner (0.7.1)
    devise (1.3.4)
      bcrypt-ruby (~> 2.1.2)
      orm_adapter (~> 0.0.3)
      warden (~> 1.0.3)
    diff-lcs (1.1.3)
    em-http-request (1.0.2)
      addressable (>= 2.2.3)
      cookiejar
      em-socksify
      eventmachine (>= 1.0.0.beta.4)
      http_parser.rb (>= 0.5.3)
    em-socksify (0.1.0)
      eventmachine
    em-synchrony (1.0.0)
      eventmachine (>= 1.0.0.beta.1)
    erubis (2.6.6)
      abstract (>= 1.0.0)
    eventmachine (1.0.0.beta.4)
    excon (0.9.6)
    factory_girl (2.6.3)
      activesupport (>= 2.3.9)
    factory_girl_rails (1.7.0)
      factory_girl (~> 2.6.0)
      railties (>= 3.0.0)
    faraday (0.7.6)
      addressable (~> 2.2)
      multipart-post (~> 1.1)
      rack (~> 1.1)
    faraday-stack (0.1.5)
      faraday (>= 0.6, < 0.8)
    fastercsv (1.5.4)
    fastthread (1.0.7)
    ffi (1.0.11)
    fixture_builder (0.3.1)
      activerecord (>= 2)
      activesupport (>= 2)
    fog (1.1.2)
      builder
      excon (~> 0.9.0)
      formatador (~> 0.2.0)
      mime-types
      multi_json (~> 1.0.3)
      net-scp (~> 1.0.4)
      net-ssh (>= 2.1.3)
      nokogiri (~> 1.5.0)
      ruby-hmac
    foreigner (1.1.5)
      activerecord (>= 3.0.0)
    foreman (0.34.1)
      term-ansicolor (~> 1.0.5)
      thor (>= 0.13.6)
    formatador (0.2.1)
    fuubar (0.0.6)
      rspec (~> 2.0)
      rspec-instafail (~> 0.1.8)
      ruby-progressbar (~> 0.0.10)
    gem_plugin (0.2.3)
    gherkin (2.9.0)
      json (>= 1.4.6)
    haml (3.1.4)
    hashie (1.2.0)
    heroku (2.21.2)
      launchy (>= 0.3.2)
      rest-client (~> 1.6.1)
      rubyzip
      term-ansicolor (~> 1.0.5)
    heroku_san (1.3.0)
      heroku (>= 2)
      rails (>= 2)
    highline (1.6.11)
    hodel_3000_compliant_logger (0.1.0)
    http_accept_language (1.0.2)
    http_parser.rb (0.5.3)
    i18n (0.5.0)
    i18n-inflector (2.6.3)
      i18n (>= 0.4.1)
    i18n-inflector-rails (1.0.6)
      actionpack (~> 3.0)
      i18n-inflector (~> 2.6)
      railties (~> 3.0)
    jammit (0.6.5)
      yui-compressor (>= 0.9.3)
    jammit-s3 (0.6.0.2)
      jammit (>= 0.5.4)
      mimemagic (>= 0.1.7)
      s3 (>= 0.3.7)
    jasmine (1.1.2)
      jasmine-core (>= 1.1.0)
      rack (>= 1.1)
      rspec (>= 1.3.1)
      selenium-webdriver (>= 0.1.3)
    jasmine-core (1.1.0)
    json (1.6.5)
    jsonpath (0.5.0)
      multi_json
    jwt (0.1.4)
      json (>= 1.2.4)
    kgio (2.7.2)
    launchy (2.0.3)
    linecache (0.46)
      rbx-require-relative (> 0.0.4)
    linecache19 (0.5.12)
      ruby_core_source (>= 0.1.4)
    mail (2.2.19)
      activesupport (>= 2.3.6)
      i18n (>= 0.4.0)
      mime-types (~> 1.16)
      treetop (~> 1.4.8)
    messagebus_ruby_api (1.0.3)
    mime-types (1.17.2)
    mimemagic (0.1.8)
    mini_magick (3.4)
      subexec (~> 0.2.1)
    mobile-fu (1.0.0)
      rack-mobile-detect
      rails
    mock_redis (0.4.0)
    mongrel (1.1.5)
      cgi_multipart_eof_fix (>= 2.4)
      daemons (>= 1.0.3)
      fastthread (>= 1.0.1)
      gem_plugin (>= 0.2.3)
    multi_json (1.0.4)
    multipart-post (1.1.5)
    mysql2 (0.2.18)
    net-scp (1.0.4)
      net-ssh (>= 1.99.1)
    net-sftp (2.0.5)
      net-ssh (>= 2.0.9)
    net-ssh (2.3.0)
    net-ssh-gateway (1.1.0)
      net-ssh (>= 1.99.1)
    newrelic_rpm (3.3.2)
    nokogiri (1.5.0)
    oauth (0.4.5)
    oauth2 (0.5.0)
      faraday (>= 0.6.1, < 0.8)
      multi_json (~> 1.0.0)
    oauth2-provider (0.0.19)
      activesupport (~> 3.0)
      addressable (~> 2.2)
    oink (0.9.3)
      activerecord
      hodel_3000_compliant_logger
    omniauth (1.0.1)
      hashie (~> 1.2)
      rack
    omniauth-facebook (1.2.0)
      omniauth-oauth2 (~> 1.0.0)
    omniauth-oauth (1.0.1)
      oauth
      omniauth (~> 1.0)
    omniauth-oauth2 (1.0.0)
      oauth2 (~> 0.5.0)
      omniauth (~> 1.0)
    omniauth-tumblr (1.0)
      omniauth-oauth (~> 1.0)
    omniauth-twitter (0.0.8)
      omniauth-oauth (~> 1.0)
    open4 (1.3.0)
    orm_adapter (0.0.6)
    parallel (0.5.16)
    parallel_tests (0.7.2)
      parallel
    pg (0.13.2)
    polyglot (0.3.3)
    proxies (0.2.1)
    rack (1.2.5)
    rack-cors (0.2.4)
      rack
    rack-fiber_pool (0.9.2)
    rack-google-analytics (0.10.0)
    rack-mobile-detect (0.3.0)
      rack
    rack-mount (0.6.14)
      rack (>= 1.0.0)
    rack-piwik (0.1.2)
    rack-rewrite (1.2.1)
    rack-ssl (1.3.2)
      rack
    rack-test (0.5.7)
      rack (>= 1.0)
    rails (3.0.11)
      actionmailer (= 3.0.11)
      actionpack (= 3.0.11)
      activerecord (= 3.0.11)
      activeresource (= 3.0.11)
      activesupport (= 3.0.11)
      bundler (~> 1.0)
      railties (= 3.0.11)
    rails-i18n (0.5.1)
      i18n (~> 0.5)
    railties (3.0.11)
      actionpack (= 3.0.11)
      activesupport (= 3.0.11)
      rake (>= 0.8.7)
      rdoc (~> 3.4)
      thor (~> 0.14.4)
    raindrops (0.8.0)
    rake (0.9.2.2)
    rbx-require-relative (0.0.9)
    rdoc (3.12)
      json (~> 1.4)
    redcarpet (2.0.1)
    redis (2.2.2)
    redis-namespace (1.0.3)
      redis (< 3.0.0)
    resque (1.19.0)
      multi_json (~> 1.0)
      redis-namespace (~> 1.0.2)
      sinatra (>= 0.9.2)
      vegas (~> 0.1.2)
    resque-timeout (1.0.0)
      resque (~> 1.0)
    rest-client (1.6.7)
      mime-types (>= 1.16)
    rpm_contrib (2.1.7)
      newrelic_rpm (>= 3.1.1)
      newrelic_rpm (>= 3.1.1)
    rspec (2.8.0)
      rspec-core (~> 2.8.0)
      rspec-expectations (~> 2.8.0)
      rspec-mocks (~> 2.8.0)
    rspec-core (2.8.0)
    rspec-expectations (2.8.0)
      diff-lcs (~> 1.1.2)
    rspec-instafail (0.1.9)
    rspec-mocks (2.8.0)
    rspec-rails (2.8.1)
      actionpack (>= 3.0)
      activesupport (>= 3.0)
      railties (>= 3.0)
      rspec (~> 2.8.0)
    ruby-debug (0.10.4)
      columnize (>= 0.1)
      ruby-debug-base (~> 0.10.4.0)
    ruby-debug-base (0.10.4)
      linecache (>= 0.3)
    ruby-debug-base19 (0.11.25)
      columnize (>= 0.3.1)
      linecache19 (>= 0.5.11)
      ruby_core_source (>= 0.1.4)
    ruby-debug19 (0.11.6)
      columnize (>= 0.3.1)
      linecache19 (>= 0.5.11)
      ruby-debug-base19 (>= 0.11.19)
    ruby-hmac (0.4.0)
    ruby-oembed (0.8.7)
    ruby-progressbar (0.0.10)
    ruby_core_source (0.1.5)
      archive-tar-minitar (>= 0.5.2)
    rubyzip (0.9.6.1)
    s3 (0.3.11)
      proxies (~> 0.2.0)
    sass (3.1.15)
    selenium-webdriver (2.16.0)
      childprocess (>= 0.2.5)
      ffi (~> 1.0.9)
      multi_json (~> 1.0.4)
      rubyzip
    simple_oauth (0.1.5)
    sinatra (1.2.8)
      rack (~> 1.1)
      tilt (>= 1.2.2, < 2.0)
    sqlite3 (1.3.5)
    subexec (0.2.1)
    term-ansicolor (1.0.7)
    thin (1.3.1)
      daemons (>= 1.0.9)
      eventmachine (>= 0.12.6)
      rack (>= 1.0.0)
    thor (0.14.6)
    tilt (1.3.3)
    timecop (0.3.5)
    treetop (1.4.10)
      polyglot
      polyglot (>= 0.3.1)
    twitter (2.0.2)
      activesupport (>= 2.3.9, < 4)
      faraday (~> 0.7)
      multi_json (~> 1.0)
      simple_oauth (~> 0.1)
    typhoeus (0.3.3)
      mime-types
    tzinfo (0.3.32)
    unicorn (4.2.0)
      kgio (~> 2.6)
      rack
      raindrops (~> 0.7)
    vegas (0.1.11)
      rack (>= 1.0.0)
    warden (1.0.6)
      rack (>= 1.0)
    webmock (1.6.2)
      addressable (>= 2.2.2)
      crack (>= 0.1.7)
    whenever (0.7.3)
      activesupport (>= 2.3.4)
      chronic (~> 0.6.3)
    will_paginate (3.0.3)
    xpath (0.1.4)
      nokogiri (~> 1.3)
    yard (0.7.5)
    yui-compressor (0.9.6)
      POpen4 (>= 0.1.4)

PLATFORMS
  ruby

DEPENDENCIES
  SystemTimer (= 1.2.3)
  active_reload
  activerecord-import
  acts-as-taggable-on!
  acts_as_api
  addressable (= 2.2.4)
  airbrake
  bundler (~> 1.1.0)
  capistrano (~> 2.9.0)
  capistrano-ext (= 1.2.1)
  capistrano_colors
  capybara (~> 1.1.2)
  carrierwave (= 0.5.8)
  client_side_validations
  cucumber-api-steps (= 0.6)
  cucumber-rails (= 1.2.1)
  database_cleaner (= 0.7.1)
  devise (~> 1.3.1)
  diaspora-client!
  em-synchrony (= 1.0.0)
  factory_girl_rails
  faraday
  faraday-stack
  fastercsv (= 1.5.4)
  fixture_builder (= 0.3.1)
  fog
  foreigner (~> 1.1.0)
  foreman (= 0.34.1)
  fuubar (= 0.0.6)
  haml
  heroku
  heroku_san (= 1.3.0)
  http_accept_language (~> 1.0.2)
  i18n-inflector-rails (~> 1.0)
  jammit-s3
  jasmine (~> 1.1.2)
  json
  jwt
  linecache (= 0.46)
  messagebus_ruby_api (= 1.0.3)
  mini_magick (= 3.4)
  mobile-fu
  mock_redis
  mongrel
  mysql2 (= 0.2.18)
  newrelic_rpm
  nokogiri (= 1.5.0)
  oauth2-provider (= 0.0.19)
  oink
  omniauth (= 1.0.1)
  omniauth-facebook
  omniauth-tumblr
  omniauth-twitter
  parallel_tests
  pg
  rack-cors (~> 0.2.4)
  rack-google-analytics
  rack-piwik
  rack-rewrite (~> 1.2.1)
  rack-ssl
  rails (= 3.0.11)
  rails-i18n
  redcarpet (= 2.0.1)
  resque (= 1.19.0)
  resque-ensure-connected!
  resque-timeout (= 1.0.0)
  rest-client (= 1.6.7)
  roxml!
  rpm_contrib (~> 2.1.7)
  rspec (>= 2.0.0)
  rspec-core (~> 2.8.0)
  rspec-instafail (>= 0.1.7)
  rspec-rails (>= 2.0.0)
  ruby-debug
  ruby-debug19
  ruby-oembed (~> 0.8.7)
  sass
  selenium-webdriver (~> 2.16.0)
  settingslogic!
  sqlite3
  thin (~> 1.3.1)
  timecop
  twitter (= 2.0.2)
  typhoeus
  unicorn (~> 4.2.0)
  webmock
  whenever
  will_paginate
  yard
