GEM
  remote: https://rubygems.org/
  remote: https://rails-assets.org/
  specs:
    actionmailer (4.2.8)
      actionpack (= 4.2.8)
      actionview (= 4.2.8)
      activejob (= 4.2.8)
      mail (~> 2.5, >= 2.5.4)
      rails-dom-testing (~> 1.0, >= 1.0.5)
    actionpack (4.2.8)
      actionview (= 4.2.8)
      activesupport (= 4.2.8)
      rack (~> 1.6)
      rack-test (~> 0.6.2)
      rails-dom-testing (~> 1.0, >= 1.0.5)
      rails-html-sanitizer (~> 1.0, >= 1.0.2)
    actionview (4.2.8)
      activesupport (= 4.2.8)
      builder (~> 3.1)
      erubis (~> 2.7.0)
      rails-dom-testing (~> 1.0, >= 1.0.5)
      rails-html-sanitizer (~> 1.0, >= 1.0.3)
    active_model_serializers (0.9.5)
      activemodel (>= 3.2)
    activejob (4.2.8)
      activesupport (= 4.2.8)
      globalid (>= 0.3.0)
    activemodel (4.2.8)
      activesupport (= 4.2.8)
      builder (~> 3.1)
    activerecord (4.2.8)
      activemodel (= 4.2.8)
      activesupport (= 4.2.8)
      arel (~> 6.0)
    activerecord-import (0.17.1)
      activerecord (>= 3.2)
    activesupport (4.2.8)
      i18n (~> 0.7)
      minitest (~> 5.1)
      thread_safe (~> 0.3, >= 0.3.4)
      tzinfo (~> 1.1)
    acts-as-taggable-on (3.5.0)
      activerecord (>= 3.2, < 5)
    acts_as_api (1.0.0)
      activemodel (>= 3.0.0)
      activesupport (>= 3.0.0)
      rack (>= 1.1.0)
    addressable (2.5.0)
      public_suffix (~> 2.0, >= 2.0.2)
    arel (6.0.4)
    asset_sync (2.0.0)
      activemodel
      fog-core
      mime-types
      unf
    ast (2.3.0)
    attr_required (1.0.1)
    autoprefixer-rails (6.7.6)
      execjs
    bcrypt (3.1.11)
    bindata (2.3.5)
    bootstrap-sass (3.3.7)
      autoprefixer-rails (>= 5.2.1)
      sass (>= 3.3.4)
    bootstrap-switch-rails (3.3.3)
    buftok (0.2.0)
    builder (3.2.3)
    byebug (9.0.6)
    capybara (2.12.1)
      addressable
      mime-types (>= 1.16)
      nokogiri (>= 1.3.3)
      rack (>= 1.0.0)
      rack-test (>= 0.5.4)
      xpath (~> 2.0)
    carrierwave (0.11.2)
      activemodel (>= 3.2.0)
      activesupport (>= 3.2.0)
      json (>= 1.7)
      mime-types (>= 1.16)
      mimemagic (>= 0.3.0)
    celluloid (0.17.3)
      celluloid-essentials
      celluloid-extras
      celluloid-fsm
      celluloid-pool
      celluloid-supervision
      timers (>= 4.1.1)
    celluloid-essentials (0.20.5)
      timers (>= 4.1.1)
    celluloid-extras (0.20.5)
      timers (>= 4.1.1)
    celluloid-fsm (0.20.5)
      timers (>= 4.1.1)
    celluloid-io (0.17.3)
      celluloid (>= 0.17.2)
      nio4r (>= 1.1)
      timers (>= 4.1.1)
    celluloid-pool (0.20.5)
      timers (>= 4.1.1)
    celluloid-supervision (0.20.6)
      timers (>= 4.1.1)
    chunky_png (1.3.8)
    cliver (0.3.2)
    coderay (1.1.1)
    coffee-rails (4.2.1)
      coffee-script (>= 2.2.0)
      railties (>= 4.0.0, < 5.2.x)
    coffee-script (2.4.1)
      coffee-script-source
      execjs
    coffee-script-source (1.12.2)
    compass (1.0.3)
      chunky_png (~> 1.2)
      compass-core (~> 1.0.2)
      compass-import-once (~> 1.0.5)
      rb-fsevent (>= 0.9.3)
      rb-inotify (>= 0.9)
      sass (>= 3.3.13, < 3.5)
    compass-core (1.0.3)
      multi_json (~> 1.0)
      sass (>= 3.3.0, < 3.5)
    compass-import-once (1.0.5)
      sass (>= 3.2, < 3.5)
    compass-rails (2.0.5)
      compass (~> 1.0.0)
      sass-rails (< 5.1)
      sprockets (< 2.13)
    concurrent-ruby (1.0.5)
    configurate (0.3.1)
    connection_pool (2.2.1)
    coveralls (0.8.19)
      json (>= 1.8, < 3)
      simplecov (~> 0.12.0)
      term-ansicolor (~> 1.3)
      thor (~> 0.19.1)
      tins (~> 1.6)
    crack (0.4.3)
      safe_yaml (~> 1.0.0)
    cucumber (2.4.0)
      builder (>= 2.1.2)
      cucumber-core (~> 1.5.0)
      cucumber-wire (~> 0.0.1)
      diff-lcs (>= 1.1.3)
      gherkin (~> 4.0)
      multi_json (>= 1.7.5, < 2.0)
      multi_test (>= 0.1.2)
    cucumber-api-steps (0.13)
      cucumber (>= 1.2.1)
      jsonpath (>= 0.1.2)
      rspec (>= 2.12.0)
    cucumber-core (1.5.0)
      gherkin (~> 4.0)
    cucumber-rails (1.4.5)
      capybara (>= 1.1.2, < 3)
      cucumber (>= 1.3.8, < 4)
      mime-types (>= 1.16, < 4)
      nokogiri (~> 1.5)
      railties (>= 3, < 5.1)
    cucumber-wire (0.0.1)
    database_cleaner (1.5.3)
    devise (4.2.0)
      bcrypt (~> 3.0)
      orm_adapter (~> 0.1)
      railties (>= 4.1.0, < 5.1)
      responders
      warden (~> 1.2.3)
    devise_lastseenable (0.0.6)
      devise
      rails (>= 3.0.4)
    diaspora-prosody-config (0.0.7)
    diaspora_federation (0.1.8)
      faraday (>= 0.9.0, < 0.12.0)
      faraday_middleware (>= 0.10.0, < 0.12.0)
      nokogiri (~> 1.6, >= 1.6.8)
      typhoeus (~> 1.0)
      valid (~> 1.0)
    diaspora_federation-rails (0.1.8)
      diaspora_federation (= 0.1.8)
      rails (>= 4.2, < 6)
    diaspora_federation-test (0.1.8)
      diaspora_federation (= 0.1.8)
      factory_girl (~> 4.7)
      uuid (~> 2.3.8)
    diff-lcs (1.3)
    docile (1.1.5)
    domain_name (0.5.20170223)
      unf (>= 0.0.5, < 1.0.0)
    entypo-rails (3.0.0)
      railties (>= 4.1, < 6)
    equalizer (0.0.11)
    erubis (2.7.0)
    eslintrb (2.1.0)
      execjs
      multi_json (>= 1.3)
      rake
    ethon (0.10.1)
      ffi (>= 1.3.0)
    excon (0.55.0)
    execjs (2.7.0)
    eye (0.9.1)
      celluloid (~> 0.17.3)
      celluloid-io (~> 0.17.0)
      sigar (~> 0.7.3)
      state_machines
      thor
    factory_girl (4.8.0)
      activesupport (>= 3.0.0)
    factory_girl_rails (4.8.0)
      factory_girl (~> 4.8.0)
      railties (>= 3.0.0)
    faraday (0.11.0)
      multipart-post (>= 1.2, < 3)
    faraday-cookie_jar (0.0.6)
      faraday (>= 0.7.4)
      http-cookie (~> 1.0.0)
    faraday_middleware (0.11.0.1)
      faraday (>= 0.7.4, < 1.0)
    ffi (1.9.17)
    fixture_builder (0.4.1)
      activerecord (>= 2)
      activesupport (>= 2)
    fog-aws (1.2.1)
      fog-core (~> 1.38)
      fog-json (~> 1.0)
      fog-xml (~> 0.1)
      ipaddress (~> 0.8)
    fog-core (1.43.0)
      builder
      excon (~> 0.49)
      formatador (~> 0.2)
    fog-json (1.0.2)
      fog-core (~> 1.0)
      multi_json (~> 1.10)
    fog-xml (0.1.2)
      fog-core
      nokogiri (~> 1.5, >= 1.5.11)
    font-awesome-rails (4.7.0.1)
      railties (>= 3.2, < 5.1)
    formatador (0.2.5)
    fuubar (2.2.0)
      rspec-core (~> 3.0)
      ruby-progressbar (~> 1.4)
    get_process_mem (0.2.1)
    gherkin (4.0.0)
    gitlab (3.7.0)
      httparty (~> 0.13.0)
      terminal-table
    globalid (0.3.7)
      activesupport (>= 4.1.0)
    gon (6.1.0)
      actionpack (>= 3.0)
      json
      multi_json
      request_store (>= 1.0)
    guard (2.14.1)
      formatador (>= 0.2.4)
      listen (>= 2.7, < 4.0)
      lumberjack (~> 1.0)
      nenv (~> 0.1)
      notiffany (~> 0.0)
      pry (>= 0.9.12)
      shellany (~> 0.0)
      thor (>= 0.18.1)
    guard-compat (1.2.1)
    guard-cucumber (2.1.2)
      cucumber (~> 2.0)
      guard-compat (~> 1.0)
      nenv (~> 0.1)
    guard-rspec (4.7.3)
      guard (~> 2.1)
      guard-compat (~> 1.1)
      rspec (>= 2.99.0, < 4.0)
    guard-rubocop (1.2.0)
      guard (~> 2.0)
      rubocop (~> 0.20)
    haml (4.0.7)
      tilt
    haml_lint (0.21.0)
      haml (~> 4.0)
      rake (>= 10, < 13)
      rubocop (>= 0.47.0)
      sysexits (~> 1.1)
    hamlit (2.8.0)
      temple (>= 0.8.0)
      thor
      tilt
    handlebars_assets (0.23.1)
      execjs (~> 2.0)
      multi_json (~> 1.0)
      sprockets (>= 2.0.0)
      tilt (>= 1.2)
    hashdiff (0.3.2)
    hashie (3.5.5)
    hike (1.2.3)
    hitimes (1.2.4)
    http (2.2.1)
      addressable (~> 2.3)
      http-cookie (~> 1.0)
      http-form_data (~> 1.0.1)
      http_parser.rb (~> 0.6.0)
    http-cookie (1.0.3)
      domain_name (~> 0.5)
    http-form_data (1.0.1)
    http_accept_language (2.1.0)
    http_parser.rb (0.6.0)
    httparty (0.13.7)
      json (~> 1.8)
      multi_xml (>= 0.5.2)
    httpclient (2.8.3)
    i18n (0.8.1)
    i18n-inflector (2.6.7)
      i18n (>= 0.4.1)
    i18n-inflector-rails (1.0.7)
      actionpack (>= 3.0.0)
      i18n-inflector (~> 2.6)
      railties (>= 3.0.0)
    ipaddress (0.8.3)
    jasmine (2.5.2)
      jasmine-core (>= 2.5.1, < 3.0.0)
      phantomjs
      rack (>= 1.2.1)
      rake
    jasmine-core (2.5.2)
    jasmine-jquery-rails (2.0.3)
    jquery-rails (4.2.1)
      rails-dom-testing (>= 1, < 3)
      railties (>= 4.2.0)
      thor (>= 0.14, < 2.0)
    jquery-ui-rails (5.0.5)
      railties (>= 3.2.16)
    js-routes (1.3.3)
      railties (>= 3.2)
      sprockets-rails
    js_image_paths (0.1.0)
      rails (~> 4.0)
    json (1.8.6)
    json-jwt (1.7.1)
      activesupport
      bindata
      multi_json (>= 1.3)
      securecompare
      url_safe_base64
    json-schema (2.8.0)
      addressable (>= 2.4)
    json_spec (1.1.4)
      multi_json (~> 1.0)
      rspec (>= 2.0, < 4.0)
    jsonpath (0.5.8)
      multi_json
    jwt (1.5.6)
    kaminari (0.17.0)
      actionpack (>= 3.0.0)
      activesupport (>= 3.0.0)
    kgio (2.11.0)
    leaflet-rails (0.7.7)
    listen (3.1.5)
      rb-fsevent (~> 0.9, >= 0.9.4)
      rb-inotify (~> 0.9, >= 0.9.7)
      ruby_dep (~> 1.2)
    little-plugger (1.1.4)
    logging (2.1.0)
      little-plugger (~> 1.1)
      multi_json (~> 1.10)
    logging-rails (0.5.0)
      logging (>= 1.8)
    loofah (2.0.3)
      nokogiri (>= 1.5.9)
    lumberjack (1.0.11)
    macaddr (1.7.1)
      systemu (~> 2.6.2)
    mail (2.6.4)
      mime-types (>= 1.16, < 4)
    markerb (1.1.0)
    memoizable (0.4.2)
      thread_safe (~> 0.3, >= 0.3.1)
    method_source (0.8.2)
    mime-types (3.1)
      mime-types-data (~> 3.2015)
    mime-types-data (3.2016.0521)
    mimemagic (0.3.2)
    mini_magick (4.6.1)
    mini_portile2 (2.1.0)
    minitest (5.10.1)
    mobile-fu (1.3.1)
      rack-mobile-detect
      rails
    multi_json (1.12.1)
    multi_test (0.1.2)
    multi_xml (0.6.0)
    multipart-post (2.0.0)
    mysql2 (0.4.5)
    naught (1.1.0)
    nenv (0.3.0)
    nested_form (0.3.2)
    nio4r (2.0.0)
    nokogiri (1.7.0.1)
      mini_portile2 (~> 2.1.0)
    notiffany (0.1.1)
      nenv (~> 0.1)
      shellany (~> 0.0)
    oauth (0.5.1)
    oauth2 (1.3.1)
      faraday (>= 0.8, < 0.12)
      jwt (~> 1.0)
      multi_json (~> 1.3)
      multi_xml (~> 0.5)
      rack (>= 1.2, < 3)
    octokit (4.6.2)
      sawyer (~> 0.8.0, >= 0.5.3)
    omniauth (1.4.2)
      hashie (>= 1.2, < 4)
      rack (>= 1.0, < 3)
    omniauth-facebook (4.0.0)
      omniauth-oauth2 (~> 1.2)
    omniauth-oauth (1.1.0)
      oauth
      omniauth (~> 1.0)
    omniauth-oauth2 (1.4.0)
      oauth2 (~> 1.0)
      omniauth (~> 1.2)
    omniauth-tumblr (1.2)
      multi_json
      omniauth-oauth (~> 1.0)
    omniauth-twitter (1.4.0)
      omniauth-oauth (~> 1.1)
      rack
    omniauth-wordpress (0.2.2)
      omniauth-oauth2 (>= 1.1.0)
    open_graph_reader (0.6.2)
      faraday (>= 0.9.0)
      nokogiri (~> 1.6)
    openid_connect (0.12.0)
      activemodel
      attr_required (>= 1.0.0)
      json (>= 1.4.3)
      json-jwt (>= 1.5.0)
      rack-oauth2 (>= 1.3.1)
      swd (>= 1.0.0)
      tzinfo
      validate_email
      validate_url
      webfinger (>= 1.0.1)
    orm_adapter (0.5.0)
    parser (2.4.0.0)
      ast (~> 2.2)
    pg (0.19.0)
    phantomjs (2.1.1.0)
    poltergeist (1.13.0)
      capybara (~> 2.1)
      cliver (~> 0.3.1)
      websocket-driver (>= 0.2.0)
    powerpack (0.1.1)
    pronto (0.8.2)
      gitlab (~> 3.6, >= 3.4.0)
      httparty (>= 0.13.7, < 0.15)
      octokit (~> 4.3, >= 4.1.0)
      rainbow (~> 2.1)
      rugged (~> 0.24, >= 0.23.0)
      thor (~> 0.19.0)
    pronto-eslint (0.8.0)
      eslintrb (~> 2.0, >= 2.0.0)
      pronto (~> 0.8.0)
    pronto-haml (0.8.0)
      haml_lint (~> 0.16, >= 0.15.0)
      pronto (~> 0.8.0)
    pronto-rubocop (0.8.0)
      pronto (~> 0.8.0)
      rubocop (~> 0.38, >= 0.35.0)
    pronto-scss (0.8.0)
      pronto (~> 0.8.0)
      scss_lint (~> 0.43, >= 0.43.0)
    pry (0.10.4)
      coderay (~> 1.1.0)
      method_source (~> 0.8.1)
      slop (~> 3.4)
    pry-byebug (3.4.2)
      byebug (~> 9.0)
      pry (~> 0.10)
    public_suffix (2.0.5)
    quiet_assets (1.1.0)
      railties (>= 3.1, < 5.0)
    rack (1.6.5)
    rack-cors (0.4.1)
    rack-google-analytics (1.2.0)
      actionpack
      activesupport
    rack-mobile-detect (0.4.0)
      rack
    rack-oauth2 (1.5.1)
      activesupport (>= 2.3)
      attr_required (>= 0.0.5)
      httpclient (>= 2.4)
      multi_json (>= 1.3.6)
      rack (>= 1.1)
    rack-piwik (0.3.0)
    rack-pjax (0.8.0)
      nokogiri (~> 1.5)
      rack (~> 1.1)
    rack-protection (1.5.3)
      rack
    rack-rewrite (1.5.1)
    rack-ssl (1.4.1)
      rack
    rack-test (0.6.3)
      rack (>= 1.0)
    rails (4.2.8)
      actionmailer (= 4.2.8)
      actionpack (= 4.2.8)
      actionview (= 4.2.8)
      activejob (= 4.2.8)
      activemodel (= 4.2.8)
      activerecord (= 4.2.8)
      activesupport (= 4.2.8)
      bundler (>= 1.3.0, < 2.0)
      railties (= 4.2.8)
      sprockets-rails
    rails-assets-autosize (3.0.20)
    rails-assets-backbone (1.3.3)
      rails-assets-underscore (>= 1.8.3)
    rails-assets-blueimp-gallery (2.25.0)
    rails-assets-bootstrap (3.3.7)
      rails-assets-jquery (>= 1.9.1, < 4)
    rails-assets-bootstrap-markdown (2.10.0)
      rails-assets-bootstrap (~> 3)
    rails-assets-corejs-typeahead (1.1.1)
      rails-assets-jquery (>= 1.11)
    rails-assets-diaspora_jsxc (0.1.5.develop.7)
      rails-assets-emojione (~> 2.0.1)
      rails-assets-favico.js (>= 0.3.10, < 0.4)
      rails-assets-jquery-colorbox (~> 1.6.3)
      rails-assets-jquery-fullscreen-plugin (~> 0.5.0)
      rails-assets-jquery.slimscroll (~> 1.3.6)
      rails-assets-jquery.ui (~> 1.11.4)
    rails-assets-emojione (2.0.1)
    rails-assets-favico.js (0.3.10)
    rails-assets-fine-uploader (5.13.0)
    rails-assets-highlightjs (9.9.0)
    rails-assets-jasmine (2.5.2)
    rails-assets-jasmine-ajax (3.3.1)
      rails-assets-jasmine (~> 2)
    rails-assets-jquery (2.2.4)
    rails-assets-jquery-colorbox (1.6.4)
      rails-assets-jquery (>= 1.3.2)
    rails-assets-jquery-fullscreen-plugin (0.5.0)
    rails-assets-jquery-placeholder (2.3.1)
      rails-assets-jquery (>= 1.6)
    rails-assets-jquery-textchange (0.2.3)
      rails-assets-jquery
    rails-assets-jquery.slimscroll (1.3.8)
    rails-assets-jquery.ui (1.11.4)
      rails-assets-jquery (>= 1.6)
    rails-assets-markdown-it--markdown-it-for-inline (0.1.1)
    rails-assets-markdown-it (8.3.0)
    rails-assets-markdown-it-diaspora-mention (1.2.0)
    rails-assets-markdown-it-hashtag (0.4.0)
    rails-assets-markdown-it-sanitizer (0.4.3)
    rails-assets-markdown-it-sub (1.0.0)
    rails-assets-markdown-it-sup (1.0.0)
    rails-assets-perfect-scrollbar (0.6.16)
    rails-assets-underscore (1.8.3)
    rails-deprecated_sanitizer (1.0.3)
      activesupport (>= 4.2.0.alpha)
    rails-dom-testing (1.0.8)
      activesupport (>= 4.2.0.beta, < 5.0)
      nokogiri (~> 1.6)
      rails-deprecated_sanitizer (>= 1.0.1)
    rails-html-sanitizer (1.0.3)
      loofah (~> 2.0)
    rails-i18n (4.0.8)
      i18n (~> 0.7)
      railties (~> 4.0)
    rails-timeago (2.11.0)
      actionpack (>= 3.1)
      activesupport (>= 3.1)
    rails_admin (0.8.1)
      builder (~> 3.1)
      coffee-rails (~> 4.0)
      font-awesome-rails (>= 3.0, < 5)
      haml (~> 4.0)
      jquery-rails (>= 3.0, < 5)
      jquery-ui-rails (~> 5.0)
      kaminari (~> 0.14)
      nested_form (~> 0.3)
      rack-pjax (~> 0.7)
      rails (~> 4.0)
      remotipart (~> 1.0)
      safe_yaml (~> 1.0)
      sass-rails (>= 4.0, < 6)
    railties (4.2.8)
      actionpack (= 4.2.8)
      activesupport (= 4.2.8)
      rake (>= 0.8.7)
      thor (>= 0.18.1, < 2.0)
    rainbow (2.2.1)
    raindrops (0.17.0)
    rake (12.0.0)
    rb-fsevent (0.9.8)
    rb-inotify (0.9.8)
      ffi (>= 0.5.0)
    redcarpet (3.4.0)
    redis (3.3.3)
    redis-namespace (1.5.3)
      redis (~> 3.0, >= 3.0.4)
    remotipart (1.3.1)
    request_store (1.3.2)
    responders (2.3.0)
      railties (>= 4.2.0, < 5.1)
    rspec (3.5.0)
      rspec-core (~> 3.5.0)
      rspec-expectations (~> 3.5.0)
      rspec-mocks (~> 3.5.0)
    rspec-core (3.5.4)
      rspec-support (~> 3.5.0)
    rspec-expectations (3.5.0)
      diff-lcs (>= 1.2.0, < 2.0)
      rspec-support (~> 3.5.0)
    rspec-mocks (3.5.0)
      diff-lcs (>= 1.2.0, < 2.0)
      rspec-support (~> 3.5.0)
    rspec-rails (3.5.2)
      actionpack (>= 3.0)
      activesupport (>= 3.0)
      railties (>= 3.0)
      rspec-core (~> 3.5.0)
      rspec-expectations (~> 3.5.0)
      rspec-mocks (~> 3.5.0)
      rspec-support (~> 3.5.0)
    rspec-support (3.5.0)
    rubocop (0.47.1)
      parser (>= 2.3.3.1, < 3.0)
      powerpack (~> 0.1)
      rainbow (>= 1.99.1, < 3.0)
      ruby-progressbar (~> 1.7)
      unicode-display_width (~> 1.0, >= 1.0.1)
    ruby-oembed (0.10.1)
    ruby-progressbar (1.8.1)
    ruby_dep (1.5.0)
    rubyzip (1.2.1)
    rufus-scheduler (3.3.4)
      tzinfo
    rugged (0.25.1.1)
    safe_yaml (1.0.4)
    sass (3.4.23)
    sass-rails (5.0.6)
      railties (>= 4.0.0, < 6)
      sass (~> 3.1)
      sprockets (>= 2.8, < 4.0)
      sprockets-rails (>= 2.0, < 4.0)
      tilt (>= 1.1, < 3)
    sawyer (0.8.1)
      addressable (>= 2.3.5, < 2.6)
      faraday (~> 0.8, < 1.0)
    scss_lint (0.52.0)
      rake (>= 0.9, < 13)
      sass (~> 3.4.20)
    secure_headers (3.6.1)
      useragent
    securecompare (1.0.0)
    shellany (0.0.1)
    shoulda-matchers (3.1.1)
      activesupport (>= 4.0.0)
    sidekiq (4.2.9)
      concurrent-ruby (~> 1.0)
      connection_pool (~> 2.2, >= 2.2.0)
      rack-protection (>= 1.5.0)
      redis (~> 3.2, >= 3.2.1)
    sidekiq-cron (0.4.5)
      redis-namespace (>= 1.5.2)
      rufus-scheduler (>= 2.0.24)
      sidekiq (>= 4.2.1)
    sigar (0.7.3)
    simple_captcha2 (0.4.3)
      rails (>= 4.1)
    simple_oauth (0.3.1)
    simplecov (0.12.0)
      docile (~> 1.1.0)
      json (>= 1.8, < 3)
      simplecov-html (~> 0.10.0)
    simplecov-html (0.10.0)
    sinon-rails (1.15.0)
      railties (>= 3.1)
    slop (3.6.0)
    spring (2.0.1)
      activesupport (>= 4.2)
    spring-commands-cucumber (1.0.1)
      spring (>= 0.9.1)
    spring-commands-rspec (1.0.4)
      spring (>= 0.9.1)
    sprockets (2.12.4)
      hike (~> 1.2)
      multi_json (~> 1.0)
      rack (~> 1.0)
      tilt (~> 1.1, != 1.3.0)
    sprockets-rails (2.3.3)
      actionpack (>= 3.0)
      activesupport (>= 3.0)
      sprockets (>= 2.8, < 4.0)
    state_machines (0.4.0)
    string-direction (1.2.0)
      yard (~> 0.8)
    swd (1.0.1)
      activesupport (>= 3)
      attr_required (>= 0.0.5)
      httpclient (>= 2.4)
      i18n
      json (>= 1.4.3)
    sysexits (1.2.0)
    systemu (2.6.5)
    temple (0.8.0)
    term-ansicolor (1.4.0)
      tins (~> 1.0)
    terminal-table (1.7.3)
      unicode-display_width (~> 1.1.1)
    test_after_commit (1.1.0)
      activerecord (>= 3.2)
    thor (0.19.1)
    thread_safe (0.3.6)
    tilt (1.4.1)
    timecop (0.8.1)
    timers (4.1.2)
      hitimes
    tins (1.13.2)
    turbo_dev_assets (0.0.2)
    twitter (6.1.0)
      addressable (~> 2.5)
      buftok (~> 0.2.0)
      equalizer (= 0.0.11)
      faraday (~> 0.11.0)
      http (~> 2.1)
      http_parser.rb (~> 0.6.0)
      memoizable (~> 0.4.2)
      naught (~> 1.1)
      simple_oauth (~> 0.3.1)
    twitter-text (1.14.5)
      unf (~> 0.1.0)
    typhoeus (1.1.2)
      ethon (>= 0.9.0)
    tzinfo (1.2.2)
      thread_safe (~> 0.1)
    uglifier (3.1.2)
      execjs (>= 0.3.0, < 3)
    unf (0.1.4)
      unf_ext
    unf_ext (0.0.7.2)
    unicode-display_width (1.1.3)
    unicorn (5.2.0)
      kgio (~> 2.6)
      raindrops (~> 0.7)
    unicorn-worker-killer (0.4.4)
      get_process_mem (~> 0)
      unicorn (>= 4, < 6)
    url_safe_base64 (0.2.2)
    useragent (0.16.8)
    uuid (2.3.8)
      macaddr (~> 1.0)
    valid (1.2.0)
    validate_email (0.1.6)
      activemodel (>= 3.0)
      mail (>= 2.2.5)
    validate_url (1.0.2)
      activemodel (>= 3.0.0)
      addressable
    versionist (1.5.0)
      activesupport (>= 3)
      railties (>= 3)
      yard (~> 0.7)
    warden (1.2.7)
      rack (>= 1.0)
    webfinger (1.0.2)
      activesupport
      httpclient (>= 2.4)
      multi_json
    webmock (2.3.2)
      addressable (>= 2.3.6)
      crack (>= 0.3.2)
      hashdiff
    websocket-driver (0.6.5)
      websocket-extensions (>= 0.1.0)
    websocket-extensions (0.1.2)
    will_paginate (3.1.5)
    xpath (2.0.0)
      nokogiri (~> 1.3)
    yard (0.9.8)

PLATFORMS
  ruby

DEPENDENCIES
  active_model_serializers (= 0.9.5)
  activerecord-import (= 0.17.1)
  acts-as-taggable-on (= 3.5.0)
  acts_as_api (= 1.0.0)
  addressable (= 2.5.0)
  asset_sync (= 2.0.0)
  autoprefixer-rails (= 6.7.6)
  bootstrap-sass (= 3.3.7)
  bootstrap-switch-rails (= 3.3.3)
  capybara (= 2.12.1)
  carrierwave (= 0.11.2)
  compass-rails (= 2.0.5)
  configurate (= 0.3.1)
  coveralls
  cucumber-api-steps (= 0.13)
  cucumber-rails (= 1.4.5)
  database_cleaner (= 1.5.3)
  devise (= 4.2.0)
  devise_lastseenable (= 0.0.6)
  diaspora-prosody-config (= 0.0.7)
  diaspora_federation-rails (= 0.1.8)
  diaspora_federation-test (= 0.1.8)
  entypo-rails (= 3.0.0)
  eye (= 0.9.1)
  factory_girl_rails (= 4.8.0)
  faraday (= 0.11.0)
  faraday-cookie_jar (= 0.0.6)
  faraday_middleware (= 0.11.0.1)
  fixture_builder (= 0.4.1)
  fog-aws (= 1.2.1)
  fuubar (= 2.2.0)
  gon (= 6.1.0)
  guard (= 2.14.1)
  guard-cucumber (= 2.1.2)
  guard-rspec (= 4.7.3)
  guard-rubocop (= 1.2.0)
  haml_lint (= 0.21.0)
  hamlit (= 2.8.0)
  handlebars_assets (= 0.23.1)
  http_accept_language (= 2.1.0)
  i18n-inflector-rails (= 1.0.7)
  jasmine (= 2.5.2)
  jasmine-jquery-rails (= 2.0.3)
  jquery-rails (= 4.2.1)
  jquery-ui-rails (= 5.0.5)
  js-routes (= 1.3.3)
  js_image_paths (= 0.1.0)
  json (= 1.8.6)
  json-schema (= 2.8.0)
  json_spec (= 1.1.4)
  leaflet-rails (= 0.7.7)
  logging-rails (= 0.5.0)
  markerb (= 1.1.0)
  mini_magick (= 4.6.1)
  minitest
  mobile-fu (= 1.3.1)
  mysql2 (= 0.4.5)
  nokogiri (= 1.7.0.1)
  omniauth (= 1.4.2)
  omniauth-facebook (= 4.0.0)
  omniauth-tumblr (= 1.2)
  omniauth-twitter (= 1.4.0)
  omniauth-wordpress (= 0.2.2)
  open_graph_reader (= 0.6.2)
  openid_connect (= 0.12.0)
  pg (= 0.19.0)
  poltergeist (= 1.13.0)
  pronto (= 0.8.2)
  pronto-eslint (= 0.8.0)
  pronto-haml (= 0.8.0)
  pronto-rubocop (= 0.8.0)
  pronto-scss (= 0.8.0)
  pry
  pry-byebug
  quiet_assets (= 1.1.0)
  rack-cors (= 0.4.1)
  rack-google-analytics (= 1.2.0)
  rack-piwik (= 0.3.0)
  rack-rewrite (= 1.5.1)
  rack-ssl (= 1.4.1)
  rails (= 4.2.8)
  rails-assets-autosize (= 3.0.20)!
  rails-assets-backbone (= 1.3.3)!
  rails-assets-blueimp-gallery (= 2.25.0)!
  rails-assets-bootstrap-markdown (= 2.10.0)!
  rails-assets-corejs-typeahead (= 1.1.1)!
  rails-assets-diaspora_jsxc (= 0.1.5.develop.7)!
  rails-assets-fine-uploader (= 5.13.0)!
  rails-assets-highlightjs (= 9.9.0)!
  rails-assets-jasmine-ajax (= 3.3.1)!
  rails-assets-jquery (= 2.2.4)!
  rails-assets-jquery-placeholder (= 2.3.1)!
  rails-assets-jquery-textchange (= 0.2.3)!
  rails-assets-markdown-it (= 8.3.0)!
  rails-assets-markdown-it--markdown-it-for-inline (= 0.1.1)!
  rails-assets-markdown-it-diaspora-mention (= 1.2.0)!
  rails-assets-markdown-it-hashtag (= 0.4.0)!
  rails-assets-markdown-it-sanitizer (= 0.4.3)!
  rails-assets-markdown-it-sub (= 1.0.0)!
  rails-assets-markdown-it-sup (= 1.0.0)!
  rails-assets-perfect-scrollbar (= 0.6.16)!
  rails-i18n (= 4.0.8)
  rails-timeago (= 2.11.0)
  rails_admin (= 0.8.1)
  rb-fsevent (= 0.9.8)
  rb-inotify (= 0.9.8)
  redcarpet (= 3.4.0)
  responders (= 2.3.0)
  rspec-rails (= 3.5.2)
  rubocop (= 0.47.1)
  ruby-oembed (= 0.10.1)
  rubyzip (= 1.2.1)
  sass-rails (= 5.0.6)
  secure_headers (= 3.6.1)
  shoulda-matchers (= 3.1.1)
  sidekiq (= 4.2.9)
  sidekiq-cron (= 0.4.5)
  simple_captcha2 (= 0.4.3)
  simplecov (= 0.12.0)
  sinon-rails (= 1.15.0)
  spring (= 2.0.1)
  spring-commands-cucumber (= 1.0.1)
  spring-commands-rspec (= 1.0.4)
  string-direction (= 1.2.0)
  test_after_commit (= 1.1.0)
  thor (= 0.19.1)
  timecop (= 0.8.1)
  turbo_dev_assets (= 0.0.2)
  twitter (= 6.1.0)
  twitter-text (= 1.14.5)
  typhoeus (= 1.1.2)
  uglifier (= 3.1.2)
  unicorn (= 5.2.0)
  unicorn-worker-killer (= 0.4.4)
  uuid (= 2.3.8)
  versionist (= 1.5.0)
  webmock (= 2.3.2)
  will_paginate (= 3.1.5)

BUNDLED WITH
   1.14.5
