PATH
  remote: .
  specs:
    faraday (0.5.3)
      addressable (~> 2.2.2)
      multipart-post (~> 1.0.1)
      rack (>= 1.1.0, < 2)

GEM
  remote: http://rubygems.org/
  specs:
    addressable (2.2.2)
    em-http-request (0.2.14)
      addressable (>= 2.0.0)
      eventmachine (>= 0.12.9)
    em-synchrony (0.2.0)
      eventmachine (>= 0.12.9)
    eventmachine (0.12.10)
    multipart-post (1.0.1)
    patron (0.4.10)
    rack (1.2.1)
    rake (0.8.7)
    sinatra (1.1.0)
      rack (~> 1.1)
      tilt (~> 1.1)
    tilt (1.1)
    typhoeus (0.1.31)
      rack

PLATFORMS
  ruby

DEPENDENCIES
  addressable (~> 2.2.2)
  em-http-request (~> 0.2)
  em-synchrony (~> 0.2)
  eventmachine (~> 0.12)
  faraday!
  multipart-post (~> 1.0.1)
  patron (~> 0.4)
  rack (>= 1.1.0, < 2)
  rake (~> 0.8)
  sinatra (~> 1.1)
  typhoeus (~> 0.1)
