GEM
  remote: http://rubygems.org/
  specs:
    daemons (1.0.10)
    frank (1.0.8)
      haml (>= 3.0)
      mongrel (>= 1.2.0.pre2)
      net-scp (>= 1.0)
      net-ssh (>= 2.0)
      rack (>= 1.0)
      tilt (= 0.9)
    gem_plugin (0.2.3)
    haml (3.0.25)
    json_pure (1.4.6)
    mongrel (1.2.0.pre2)
      daemons (~> 1.0.10)
      gem_plugin (~> 0.2.3)
    net-scp (1.0.4)
      net-ssh (>= 1.99.1)
    net-ssh (2.1.0)
    rack (1.2.1)
    ragaskar-jsdoc_helper (0.0.2.1)
    rake (0.8.7)
    tilt (0.9)

PLATFORMS
  ruby

DEPENDENCIES
  frank
  json_pure (~> 1.4.3)
  ragaskar-jsdoc_helper
  rake (= 0.8.7)
