GEM
  remote: http://rubygems.org/
  specs:
    rspec (1.3.0)

PLATFORMS
  ruby

DEPENDENCIES
  rspec (= 1.3.0)
